GEM
  remote: http://rubygems.org/
  specs:
    activemodel (3.0.10)
      activesupport (= 3.0.10)
      builder (~> 2.1.2)
      i18n (~> 0.5.0)
    activesupport (3.0.10)
    addressable (2.2.6)
    async_sinatra (0.5.0)
      rack (>= 1.2.1)
      sinatra (>= 1.0)
    bson (1.3.1)
    builder (2.1.2)
    coffee-script (2.2.0)
      coffee-script-source
      execjs
    coffee-script-source (1.1.2)
    daemons (1.1.4)
    em-websocket (0.3.1)
      addressable (>= 2.1.1)
      eventmachine (>= 0.12.9)
    eventmachine (0.12.10)
    execjs (1.2.4)
      multi_json (~> 1.0)
    git (1.2.5)
    haml (3.1.2)
    i18n (0.5.0)
    jeweler (1.6.4)
      bundler (~> 1.0)
      git (>= 1.2.5)
      rake
    json (1.5.3)
    libv8 (3.3.10.2)
    mongo (1.3.1)
      bson (>= 1.3.1)
    mongoid (2.1.8)
      activemodel (~> 3.0)
      mongo (~> 1.3)
      tzinfo (~> 0.3.22)
    multi_json (1.0.3)
    mustache (0.99.4)
    nokogiri (1.5.0)
    pygmentize (0.0.3)
    rack (1.3.2)
    rake (0.9.2)
    rcov (0.9.10)
    rdiscount (1.6.8)
    redcarpet (1.17.2)
    rocco (0.8.1)
      mustache
      redcarpet
    sass (3.1.7)
    shoulda (2.11.3)
    sinatra (1.2.6)
      rack (~> 1.1)
      tilt (< 2.0, >= 1.2.2)
    slop (2.1.0)
    therubyracer (0.9.3)
      libv8 (~> 3.3.10)
    thin (1.2.11)
      daemons (>= 1.0.9)
      eventmachine (>= 0.12.6)
      rack (>= 1.0.0)
    tilt (1.3.2)
    tzinfo (0.3.29)

PLATFORMS
  ruby

DEPENDENCIES
  async_sinatra (>= 0.5.0)
  bundler (~> 1.0.0)
  coffee-script
  em-websocket (>= 0.3.1)
  haml
  jeweler (~> 1.6.4)
  json (>= 1.5.1)
  mongoid (>= 2.1.7)
  nokogiri (>= 1.4.4)
  pygmentize
  rcov
  rdiscount
  rocco
  sass
  shoulda
  slop
  therubyracer (>= 0.9.3)
  thin (>= 1.2.11)
